PATH
  remote: .
  specs:
    rujira (0.1.4)

GEM
  remote: https://rubygems.org/
  specs:
    faraday (2.9.0)
      faraday-net_http (>= 2.0, < 3.2)
    faraday-net_http (3.1.0)
      net-http
    net-http (0.4.1)
      uri
    rake (13.2.1)
    uri (0.13.0)

PLATFORMS
  arm64-darwin-21
  ruby

DEPENDENCIES
  faraday (~> 2.9)
  rake (~> 13.0)
  rujira!

BUNDLED WITH
   2.5.7
